PATH
  remote: .
  specs:
    kitno (0.1.0)
      thor (~> 0.19.1)

GEM
  remote: https://rubygems.org/
  specs:
    gem-release (0.7.4)
    minitest (5.9.0)
    rake (10.5.0)
    thor (0.19.1)

PLATFORMS
  ruby

DEPENDENCIES
  bundler (~> 1.12)
  gem-release (~> 0.7.4)
  kitno!
  minitest (~> 5.0)
  rake (~> 10.0)

BUNDLED WITH
   1.12.5
