PATH
  remote: .
  specs:
    kitno (0.1.4)
      awesome_print (~> 1.7.0, >= 1.7.0)
      thor (~> 0.19.1)

GEM
  remote: https://rubygems.org/
  specs:
    ansi (1.5.0)
    awesome_print (1.7.0)
    builder (3.2.2)
    gem-release (0.7.4)
    minitest (5.9.0)
    minitest-reporters (1.1.9)
      ansi
      builder
      minitest (>= 5.0)
      ruby-progressbar
    rake (10.5.0)
    ruby-progressbar (1.8.1)
    thor (0.19.1)

PLATFORMS
  ruby

DEPENDENCIES
  bundler (~> 1.12)
  gem-release (~> 0.7.4)
  kitno!
  minitest (~> 5.0)
  minitest-reporters (~> 1.1.9)
  rake (~> 10.0)

BUNDLED WITH
   1.12.5
