PATH
  remote: .
  specs:
    kitno (0.1.4)
      awesome_print (~> 1.7.0, >= 1.7.0)
      thor (~> 0.19.1)

GEM
  remote: https://rubygems.org/
  specs:
    ansi (1.5.0)
    awesome_print (1.7.0)
    builder (3.2.2)
    byebug (9.0.5)
    coderay (1.1.1)
    gem-release (0.7.4)
    method_source (0.8.2)
    minitest (5.9.0)
    minitest-reporters (1.1.9)
      ansi
      builder
      minitest (>= 5.0)
      ruby-progressbar
    pry (0.10.3)
      coderay (~> 1.1.0)
      method_source (~> 0.8.1)
      slop (~> 3.4)
    pry-byebug (3.4.0)
      byebug (~> 9.0)
      pry (~> 0.10)
    rake (10.5.0)
    ruby-progressbar (1.8.1)
    slop (3.6.0)
    thor (0.19.1)

PLATFORMS
  ruby

DEPENDENCIES
  bundler (~> 1.12)
  byebug (~> 9.0.5)
  gem-release (~> 0.7.4)
  kitno!
  minitest (~> 5.0)
  minitest-reporters (~> 1.1.9)
  pry (~> 0.10.3)
  pry-byebug (~> 3.4.0)
  rake (~> 10.0)

BUNDLED WITH
   1.12.5
